GEM
  remote: https://rubygems.org/
  specs:
    gosu (0.14.4)

PLATFORMS
  ruby

DEPENDENCIES
  gosu

BUNDLED WITH
   2.0.1
